GEM
  remote: https://rubygems.org/
  specs:
    chunky_png (1.4.0)
    rqrcode (2.2.0)
      chunky_png (~> 1.0)
      rqrcode_core (~> 1.0)
    rqrcode_core (1.2.0)

PLATFORMS
  x64-mingw-ucrt

DEPENDENCIES
  chunky_png (~> 1.3, >= 1.3.5)
  rqrcode (~> 2.0)
  rqrcode_core

BUNDLED WITH
   2.4.10
